GIT
  remote: https://github.com/AlexKovynev/mongoid.git
  revision: dd1f464846199663db8c51ef73fe108fc16b8641
  branch: Rails72Support
  specs:
    mongoid (9.0.1)
      activemodel (>= 5.1, < 7.3, != 7.0.0)
      concurrent-ruby (>= 1.0.5, < 2.0)
      mongo (>= 2.18.0, < 3.0.0)

GEM
  remote: https://rubygems.org/
  specs:
    actioncable (7.2.1)
      actionpack (= 7.2.1)
      activesupport (= 7.2.1)
      nio4r (~> 2.0)
      websocket-driver (>= 0.6.1)
      zeitwerk (~> 2.6)
    actionmailbox (7.2.1)
      actionpack (= 7.2.1)
      activejob (= 7.2.1)
      activerecord (= 7.2.1)
      activestorage (= 7.2.1)
      activesupport (= 7.2.1)
      mail (>= 2.8.0)
    actionmailer (7.2.1)
      actionpack (= 7.2.1)
      actionview (= 7.2.1)
      activejob (= 7.2.1)
      activesupport (= 7.2.1)
      mail (>= 2.8.0)
      rails-dom-testing (~> 2.2)
    actionpack (7.2.1)
      actionview (= 7.2.1)
      activesupport (= 7.2.1)
      nokogiri (>= 1.8.5)
      racc
      rack (>= 2.2.4, < 3.2)
      rack-session (>= 1.0.1)
      rack-test (>= 0.6.3)
      rails-dom-testing (~> 2.2)
      rails-html-sanitizer (~> 1.6)
      useragent (~> 0.16)
    actiontext (7.2.1)
      actionpack (= 7.2.1)
      activerecord (= 7.2.1)
      activestorage (= 7.2.1)
      activesupport (= 7.2.1)
      globalid (>= 0.6.0)
      nokogiri (>= 1.8.5)
    actionview (7.2.1)
      activesupport (= 7.2.1)
      builder (~> 3.1)
      erubi (~> 1.11)
      rails-dom-testing (~> 2.2)
      rails-html-sanitizer (~> 1.6)
    activejob (7.2.1)
      activesupport (= 7.2.1)
      globalid (>= 0.3.6)
    activemodel (7.2.1)
      activesupport (= 7.2.1)
    activerecord (7.2.1)
      activemodel (= 7.2.1)
      activesupport (= 7.2.1)
      timeout (>= 0.4.0)
    activestorage (7.2.1)
      actionpack (= 7.2.1)
      activejob (= 7.2.1)
      activerecord (= 7.2.1)
      activesupport (= 7.2.1)
      marcel (~> 1.0)
    activesupport (7.2.1)
      base64
      bigdecimal
      concurrent-ruby (~> 1.0, >= 1.3.1)
      connection_pool (>= 2.2.5)
      drb
      i18n (>= 1.6, < 2)
      logger (>= 1.4.2)
      minitest (>= 5.1)
      securerandom (>= 0.3)
      tzinfo (~> 2.0, >= 2.0.5)
    addressable (2.8.7)
      public_suffix (>= 2.0.2, < 7.0)
    ast (2.4.2)
    base64 (0.2.0)
    bcrypt (3.1.20)
    bigdecimal (3.1.8)
    bootsnap (1.18.4)
      msgpack (~> 1.2)
    brotli (0.6.0)
    bson (5.0.1)
    builder (3.3.0)
    byebug (11.1.3)
    capybara (3.40.0)
      addressable
      matrix
      mini_mime (>= 0.1.3)
      nokogiri (~> 1.11)
      rack (>= 1.6.0)
      rack-test (>= 0.6.3)
      regexp_parser (>= 1.5, < 3.0)
      xpath (~> 3.2)
    colorize (1.1.0)
    concurrent-ruby (1.3.4)
    connection_pool (2.4.1)
    crass (1.0.6)
    csv (3.3.0)
    date (3.3.4)
    debug (1.9.2)
      irb (~> 1.10)
      reline (>= 0.3.8)
    devise (4.9.4)
      bcrypt (~> 3.0)
      orm_adapter (~> 0.1)
      railties (>= 4.1.0)
      responders
      warden (~> 1.2.3)
    discordrb (3.5.0)
      discordrb-webhooks (~> 3.5.0)
      ffi (>= 1.9.24)
      opus-ruby
      rest-client (>= 2.0.0)
      websocket-client-simple (>= 0.3.0)
    discordrb-webhooks (3.5.0)
      rest-client (>= 2.0.0)
    domain_name (0.6.20240107)
    dotenv (3.1.2)
    drb (2.2.1)
    dry-cli (1.1.0)
    erb-formatter (0.7.3)
      syntax_tree (~> 6.0)
    erubi (1.13.0)
    et-orbi (1.2.11)
      tzinfo
    event_emitter (0.2.6)
    faraday (2.10.1)
      faraday-net_http (>= 2.0, < 3.2)
      logger
    faraday-net_http (3.1.1)
      net-http
    ffi (1.17.0-x86_64-linux-gnu)
    fugit (1.11.1)
      et-orbi (~> 1, >= 1.2.11)
      raabro (~> 1.4)
    gene_pool (1.5.0)
      concurrent-ruby (>= 1.0)
    globalid (1.2.1)
      activesupport (>= 6.1)
    graphlient (0.8.0)
      faraday (~> 2.0)
      graphql-client
    graphql (2.0.31)
      base64
    graphql-client (0.23.0)
      activesupport (>= 3.0)
      graphql (>= 1.13.0)
    health_check (3.1.0)
      railties (>= 5.0)
    http-accept (1.7.0)
    http-cookie (1.0.7)
      domain_name (~> 0.5)
    httparty (0.22.0)
      csv
      mini_mime (>= 1.0.0)
      multi_xml (>= 0.5.2)
    httplog (1.7.0)
      rack (>= 2.0)
      rainbow (>= 2.0.0)
    i18n (1.14.5)
      concurrent-ruby (~> 1.0)
    io-console (0.7.2)
    irb (1.14.0)
      rdoc (>= 4.0.0)
      reline (>= 0.4.2)
    json (2.7.2)
    jwt (2.8.2)
      base64
    kodachroma (1.0.2)
    language_server-protocol (3.17.0.3)
    listen (3.9.0)
      rb-fsevent (~> 0.10, >= 0.10.3)
      rb-inotify (~> 0.9, >= 0.9.10)
    logger (1.6.0)
    lograge (0.14.0)
      actionpack (>= 4)
      activesupport (>= 4)
      railties (>= 4)
      request_store (~> 1.0)
    logstash-event (1.2.02)
    loofah (2.22.0)
      crass (~> 1.0.2)
      nokogiri (>= 1.12.0)
    mail (2.8.1)
      mini_mime (>= 0.1.1)
      net-imap
      net-pop
      net-smtp
    marcel (1.0.4)
    matrix (0.4.2)
    mime-types (3.5.2)
      mime-types-data (~> 3.2015)
    mime-types-data (3.2024.0820)
    mini_mime (1.1.5)
    minitest (5.25.1)
    mongo (2.20.1)
      bson (>= 4.14.1, < 6.0.0)
    msgpack (1.7.2)
    multi_xml (0.7.1)
      bigdecimal (~> 3.1)
    net-http (0.4.1)
      uri
    net-imap (0.4.14)
      date
      net-protocol
    net-pop (0.1.2)
      net-protocol
    net-protocol (0.2.2)
      timeout
    net-smtp (0.5.0)
      net-protocol
    netrc (0.11.0)
    nio4r (2.7.3)
    nokogiri (1.16.7-x86_64-linux)
      racc (~> 1.4)
    opus-ruby (1.0.1)
      ffi
    orm_adapter (0.5.0)
    parallel (1.26.3)
    parser (3.3.4.2)
      ast (~> 2.4.1)
      racc
    persistent_http (1.0.6)
      gene_pool (>= 1.3)
    persistent_httparty (0.1.2)
      httparty (~> 0.9)
      persistent_http (< 2)
    prettier_print (1.2.1)
    prism (0.30.0)
    psych (5.1.2)
      stringio
    public_suffix (6.0.1)
    puma (6.4.2)
      nio4r (~> 2.0)
    raabro (1.4.0)
    racc (1.8.1)
    rack (3.1.7)
    rack-brotli (2.0.0)
      brotli (>= 0.3)
      rack (>= 3)
    rack-cors (2.0.2)
      rack (>= 2.0.0)
    rack-mini-profiler (3.3.1)
      rack (>= 1.2.0)
    rack-proxy (0.7.7)
      rack
    rack-session (2.0.0)
      rack (>= 3.0.0)
    rack-test (2.1.0)
      rack (>= 1.3)
    rackup (2.1.0)
      rack (>= 3)
      webrick (~> 1.8)
    rails (7.2.1)
      actioncable (= 7.2.1)
      actionmailbox (= 7.2.1)
      actionmailer (= 7.2.1)
      actionpack (= 7.2.1)
      actiontext (= 7.2.1)
      actionview (= 7.2.1)
      activejob (= 7.2.1)
      activemodel (= 7.2.1)
      activerecord (= 7.2.1)
      activestorage (= 7.2.1)
      activesupport (= 7.2.1)
      bundler (>= 1.15.0)
      railties (= 7.2.1)
    rails-dom-testing (2.2.0)
      activesupport (>= 5.0.0)
      minitest
      nokogiri (>= 1.6)
    rails-html-sanitizer (1.6.0)
      loofah (~> 2.21)
      nokogiri (~> 1.14)
    railties (7.2.1)
      actionpack (= 7.2.1)
      activesupport (= 7.2.1)
      irb (~> 1.13)
      rackup (>= 1.0.0)
      rake (>= 12.2)
      thor (~> 1.0, >= 1.2.2)
      zeitwerk (~> 2.6)
    rainbow (3.1.1)
    rake (13.2.1)
    rb-fsevent (0.11.2)
    rb-inotify (0.11.1)
      ffi (~> 1.0)
    rbi (0.1.14)
      prism (>= 0.18.0, < 1.0.0)
      sorbet-runtime (>= 0.5.9204)
    rbs (3.5.3)
      logger
    rdoc (6.7.0)
      psych (>= 4.0.0)
    recaptcha (5.17.0)
    redis (5.3.0)
      redis-client (>= 0.22.0)
    redis-client (0.22.2)
      connection_pool
    regexp_parser (2.9.2)
    reline (0.5.9)
      io-console (~> 0.5)
    request_store (1.7.0)
      rack (>= 1.4)
    responders (3.1.1)
      actionpack (>= 5.2)
      railties (>= 5.2)
    rest-client (2.1.0)
      http-accept (>= 1.7.0, < 2.0)
      http-cookie (>= 1.0.2, < 2.0)
      mime-types (>= 1.16, < 4.0)
      netrc (~> 0.8)
    rexml (3.3.6)
      strscan
    rubocop (1.65.1)
      json (~> 2.3)
      language_server-protocol (>= 3.17.0)
      parallel (~> 1.10)
      parser (>= 3.3.0.2)
      rainbow (>= 2.2.2, < 4.0)
      regexp_parser (>= 2.4, < 3.0)
      rexml (>= 3.2.5, < 4.0)
      rubocop-ast (>= 1.31.1, < 2.0)
      ruby-progressbar (~> 1.7)
      unicode-display_width (>= 2.4.0, < 3.0)
    rubocop-ast (1.32.1)
      parser (>= 3.3.1.0)
    rubocop-packaging (0.5.2)
      rubocop (>= 1.33, < 2.0)
    rubocop-performance (1.21.1)
      rubocop (>= 1.48.1, < 2.0)
      rubocop-ast (>= 1.31.1, < 2.0)
    rubocop-rails (2.26.0)
      activesupport (>= 4.2.0)
      rack (>= 1.1)
      rubocop (>= 1.52.0, < 2.0)
      rubocop-ast (>= 1.31.1, < 2.0)
    ruby-lsp (0.17.15)
      language_server-protocol (~> 3.17.0)
      prism (>= 0.29.0, < 0.31)
      rbs (>= 3, < 4)
      sorbet-runtime (>= 0.5.10782)
    ruby-lsp-rails (0.3.13)
      ruby-lsp (>= 0.17.12, < 0.18.0)
    ruby-progressbar (1.13.0)
    rubyzip (2.3.2)
    securerandom (0.3.1)
    selenium-webdriver (4.10.0)
      rexml (~> 3.2, >= 3.2.5)
      rubyzip (>= 1.2.2, < 3.0)
      websocket (~> 1.0)
    sidekiq (7.3.1)
      concurrent-ruby (< 2)
      connection_pool (>= 2.3.0)
      logger
      rack (>= 2.2.4)
      redis-client (>= 0.22.2)
    sidekiq-cron (1.12.0)
      fugit (~> 1.8)
      globalid (>= 1.0.1)
      sidekiq (>= 6)
    sidekiq-unique-jobs (8.0.10)
      concurrent-ruby (~> 1.0, >= 1.0.5)
      sidekiq (>= 7.0.0, < 8.0.0)
      thor (>= 1.0, < 3.0)
    sorbet (0.5.11553)
      sorbet-static (= 0.5.11553)
    sorbet-runtime (0.5.11553)
    sorbet-static (0.5.11553-x86_64-linux)
    sorbet-static-and-runtime (0.5.11553)
      sorbet (= 0.5.11553)
      sorbet-runtime (= 0.5.11553)
    spoom (1.4.2)
      erubi (>= 1.10.0)
      prism (>= 0.28.0)
      sorbet-static-and-runtime (>= 0.5.10187)
      thor (>= 0.19.2)
    stringio (3.1.1)
    strscan (3.1.0)
    syntax_tree (6.2.0)
      prettier_print (>= 1.2.0)
    tapioca (0.16.1)
      bundler (>= 2.2.25)
      netrc (>= 0.11.0)
      parallel (>= 1.21.0)
      rbi (>= 0.1.14, < 0.2)
      sorbet-static-and-runtime (>= 0.5.11087)
      spoom (>= 1.2.0)
      thor (>= 1.2.0)
      yard-sorbet
    thor (1.3.1)
    timeout (0.4.1)
    turbo-rails (2.0.6)
      actionpack (>= 6.0.0)
      activejob (>= 6.0.0)
      railties (>= 6.0.0)
    tzinfo (2.0.6)
      concurrent-ruby (~> 1.0)
    unicode-display_width (2.5.0)
    uri (0.13.0)
    useragent (0.16.10)
    vite_rails (3.0.17)
      railties (>= 5.1, < 8)
      vite_ruby (~> 3.0, >= 3.2.2)
    vite_ruby (3.8.0)
      dry-cli (>= 0.7, < 2)
      rack-proxy (~> 0.6, >= 0.6.1)
      zeitwerk (~> 2.2)
    warden (1.2.9)
      rack (>= 2.0.9)
    webdrivers (5.3.1)
      nokogiri (~> 1.6)
      rubyzip (>= 1.3.0)
      selenium-webdriver (~> 4.0, < 4.11)
    webrick (1.8.1)
    websocket (1.2.11)
    websocket-client-simple (0.8.0)
      event_emitter
      websocket
    websocket-driver (0.7.6)
      websocket-extensions (>= 0.1.0)
    websocket-extensions (0.1.5)
    xpath (3.2.0)
      nokogiri (~> 1.8)
    yard (0.9.36)
    yard-sorbet (0.9.0)
      sorbet-runtime
      yard
    zeitwerk (2.6.17)

PLATFORMS
  x86_64-linux

DEPENDENCIES
  addressable (~> 2.8)
  bootsnap (>= 1.4.4)
  brotli (~> 0.6.0)
  bson (~> 5.0)
  byebug
  capybara (>= 3.26)
  colorize (~> 1.1)
  debug
  devise (~> 4.9)
  discordrb (~> 3.5.0)
  dotenv (~> 3.1.2)
  erb-formatter
  graphlient (~> 0.8.0)
  graphql (~> 2.0.27)
  health_check (~> 3.1)
  httparty (~> 0.22.0)
  httplog (~> 1.7)
  jwt (~> 2.8)
  kodachroma (~> 1.0)
  listen (~> 3.8)
  lograge (~> 0.14.0)
  logstash-event (~> 1.2)
  mongoid!
  persistent_httparty (~> 0.1.2)
  puma (~> 6.4)
  rack (~> 3)
  rack-brotli (~> 2.0)
  rack-cors (~> 2.0)
  rack-mini-profiler (~> 3.3)
  rails (~> 7.2.1)
  recaptcha (~> 5.17)
  redis (~> 5.3)
  responders (~> 3.1)
  rubocop
  rubocop-packaging
  rubocop-performance
  rubocop-rails
  ruby-lsp
  ruby-lsp-rails
  selenium-webdriver
  sidekiq (~> 7.3)
  sidekiq-cron (~> 1.12)
  sidekiq-unique-jobs (~> 8.0)
  sorbet
  sorbet-runtime
  tapioca
  turbo-rails (~> 2.0.6)
  tzinfo-data
  vite_rails (~> 3.0)
  webdrivers

RUBY VERSION
   ruby 3.3.4p94

BUNDLED WITH
   2.5.17
